GEM
  remote: https://rubygems.org/
  specs:
    activesupport (3.2.8)
      i18n (~> 0.6)
      multi_json (~> 1.0)
    addressable (2.3.2)
    ansi (1.4.3)
    crack (0.3.1)
    httparty (0.9.0)
      multi_json (~> 1.0)
      multi_xml
    i18n (0.6.1)
    multi_json (1.3.6)
    multi_xml (0.5.1)
    rake (0.9.2.2)
    turn (0.9.6)
      ansi
    vcr (2.2.5)
    webmock (1.8.11)
      addressable (>= 2.2.7)
      crack (>= 0.1.7)

PLATFORMS
  ruby

DEPENDENCIES
  activesupport
  httparty
  rake
  turn
  vcr
  webmock
